GEM
  remote: https://rubygems.org/
  specs:
    dotenv (2.7.5)
    faraday (0.17.1)
      multipart-post (>= 1.2, < 3)
    faraday_middleware (0.13.1)
      faraday (>= 0.7.4, < 1.0)
    multipart-post (2.1.1)

PLATFORMS
  ruby

DEPENDENCIES
  dotenv
  faraday
  faraday_middleware

BUNDLED WITH
   1.17.3
